GIT
  remote: git://github.com/ello/ello_protobufs.git
  revision: 73bfe15f6c269895ebc2610a73e22bd74d9fb43f
  ref: 73bfe15
  specs:
    ello_protobufs (0.1.0)
      protobuf (~> 3.5.0)

GIT
  remote: git://github.com/ello/kinesis-stream-reader.git
  revision: 87a7831d45b9ee9b4917edcdd292a1f5cb4cf64e
  specs:
    kinesis-stream-reader (0.2.0)
      activesupport
      avro (~> 1.7.7)
      aws-sdk-core (~> 2.2.26)
      librato-metrics
      redis (~> 3.2.2)

GEM
  remote: https://rubygems.org/
  specs:
    actionmailer (4.2.8)
      actionpack (= 4.2.8)
      actionview (= 4.2.8)
      activejob (= 4.2.8)
      mail (~> 2.5, >= 2.5.4)
      rails-dom-testing (~> 1.0, >= 1.0.5)
    actionpack (4.2.8)
      actionview (= 4.2.8)
      activesupport (= 4.2.8)
      rack (~> 1.6)
      rack-test (~> 0.6.2)
      rails-dom-testing (~> 1.0, >= 1.0.5)
      rails-html-sanitizer (~> 1.0, >= 1.0.2)
    actionview (4.2.8)
      activesupport (= 4.2.8)
      builder (~> 3.1)
      erubis (~> 2.7.0)
      rails-dom-testing (~> 1.0, >= 1.0.5)
      rails-html-sanitizer (~> 1.0, >= 1.0.3)
    activejob (4.2.8)
      activesupport (= 4.2.8)
      globalid (>= 0.3.0)
    activemodel (4.2.8)
      activesupport (= 4.2.8)
      builder (~> 3.1)
    activerecord (4.2.8)
      activemodel (= 4.2.8)
      activesupport (= 4.2.8)
      arel (~> 6.0)
    activesupport (4.2.8)
      i18n (~> 0.7)
      minitest (~> 5.1)
      thread_safe (~> 0.3, >= 0.3.4)
      tzinfo (~> 1.1)
    aggregate (0.2.2)
    arel (6.0.4)
    avro (1.7.7)
      multi_json
    aws-sdk (2.2.37)
      aws-sdk-resources (= 2.2.37)
    aws-sdk-core (2.2.37)
      jmespath (~> 1.0)
    aws-sdk-resources (2.2.37)
      aws-sdk-core (= 2.2.37)
    builder (3.2.3)
    celluloid (0.16.0)
      timers (~> 4.0.0)
    coderay (1.1.0)
    concurrent-ruby (1.0.5)
    crass (1.0.5)
    database_cleaner (1.4.1)
    diff-lcs (1.3)
    dotenv (2.0.1)
    dotenv-rails (2.0.1)
      dotenv (= 2.0.1)
    erubis (2.7.0)
    factory_girl (4.5.0)
      activesupport (>= 3.0.0)
    factory_girl_rails (4.5.0)
      factory_girl (~> 4.5.0)
      railties (>= 3.0.0)
    faker (1.4.3)
      i18n (~> 0.5)
    faraday (0.11.0)
      multipart-post (>= 1.2, < 3)
    ffi (1.9.8)
    formatador (0.2.5)
    globalid (0.4.0)
      activesupport (>= 4.2.0)
    guard (2.12.5)
      formatador (>= 0.2.4)
      listen (~> 2.7)
      lumberjack (~> 1.0)
      nenv (~> 0.1)
      notiffany (~> 0.0)
      pry (>= 0.9.12)
      shellany (~> 0.0)
      thor (>= 0.18.1)
    guard-compat (1.2.1)
    guard-rspec (4.5.0)
      guard (~> 2.1)
      guard-compat (~> 1.1)
      rspec (>= 2.99.0, < 4.0)
    hitimes (1.2.2)
    honeybadger (2.5.2)
    i18n (0.8.4)
    interactor (3.1.0)
    jmespath (1.3.1)
    json_spec (1.1.5)
      multi_json (~> 1.0)
      rspec (>= 2.0, < 4.0)
    librato-metrics (1.6.1)
      aggregate (~> 0.2.2)
      faraday (~> 0.7)
      multi_json
    librato-rack (0.4.5)
      librato-metrics (~> 1.1)
    librato-rails (0.11.1)
      activesupport (>= 3.0)
      librato-rack (~> 0.4.2)
      railties (>= 3.0)
    listen (2.10.0)
      celluloid (~> 0.16.0)
      rb-fsevent (>= 0.9.3)
      rb-inotify (>= 0.9)
    loofah (2.3.1)
      crass (~> 1.0.2)
      nokogiri (>= 1.5.9)
    lumberjack (1.0.9)
    mail (2.6.6)
      mime-types (>= 1.16, < 4)
    method_source (0.8.2)
    middleware (0.1.0)
    mime-types (3.1)
      mime-types-data (~> 3.2015)
    mime-types-data (3.2016.0521)
    mini_portile2 (2.4.0)
    minitest (5.10.2)
    multi_json (1.12.1)
    multipart-post (2.0.0)
    nenv (0.2.0)
    newrelic_rpm (3.12.0.288)
    nokogiri (1.10.5)
      mini_portile2 (~> 2.4.0)
    notiffany (0.0.6)
      nenv (~> 0.1)
      shellany (~> 0.0)
    pg (0.18.1)
    protobuf (3.5.5)
      activesupport (>= 3.2)
      middleware
      thor
      thread_safe
    pry (0.10.1)
      coderay (~> 1.1.0)
      method_source (~> 0.8.1)
      slop (~> 3.4)
    pry-rails (0.3.4)
      pry (>= 0.9.10)
    puma (3.4.0)
    rack (1.6.8)
    rack-test (0.6.3)
      rack (>= 1.0)
    rails (4.2.8)
      actionmailer (= 4.2.8)
      actionpack (= 4.2.8)
      actionview (= 4.2.8)
      activejob (= 4.2.8)
      activemodel (= 4.2.8)
      activerecord (= 4.2.8)
      activesupport (= 4.2.8)
      bundler (>= 1.3.0, < 2.0)
      railties (= 4.2.8)
      sprockets-rails
    rails-api (0.4.1)
      actionpack (>= 3.2.11)
      railties (>= 3.2.11)
    rails-deprecated_sanitizer (1.0.3)
      activesupport (>= 4.2.0.alpha)
    rails-dom-testing (1.0.8)
      activesupport (>= 4.2.0.beta, < 5.0)
      nokogiri (~> 1.6)
      rails-deprecated_sanitizer (>= 1.0.1)
    rails-html-sanitizer (1.0.4)
      loofah (~> 2.2, >= 2.2.2)
    rails_12factor (0.0.3)
      rails_serve_static_assets
      rails_stdout_logging
    rails_serve_static_assets (0.0.4)
    rails_stdout_logging (0.0.3)
    railties (4.2.8)
      actionpack (= 4.2.8)
      activesupport (= 4.2.8)
      rake (>= 0.8.7)
      thor (>= 0.18.1, < 2.0)
    rake (12.0.0)
    rb-fsevent (0.9.4)
    rb-inotify (0.9.5)
      ffi (>= 0.5.0)
    redis (3.2.2)
    retries (0.0.5)
    rspec (3.6.0)
      rspec-core (~> 3.6.0)
      rspec-expectations (~> 3.6.0)
      rspec-mocks (~> 3.6.0)
    rspec-core (3.6.0)
      rspec-support (~> 3.6.0)
    rspec-expectations (3.6.0)
      diff-lcs (>= 1.2.0, < 2.0)
      rspec-support (~> 3.6.0)
    rspec-mocks (3.6.0)
      diff-lcs (>= 1.2.0, < 2.0)
      rspec-support (~> 3.6.0)
    rspec-rails (3.6.0)
      actionpack (>= 3.0)
      activesupport (>= 3.0)
      railties (>= 3.0)
      rspec-core (~> 3.6.0)
      rspec-expectations (~> 3.6.0)
      rspec-mocks (~> 3.6.0)
      rspec-support (~> 3.6.0)
    rspec-support (3.6.0)
    shellany (0.0.1)
    shoulda-matchers (2.8.0)
      activesupport (>= 3.0.0)
    slop (3.6.0)
    sprockets (3.7.1)
      concurrent-ruby (~> 1.0)
      rack (> 1, < 3)
    sprockets-rails (3.2.0)
      actionpack (>= 4.0)
      activesupport (>= 4.0)
      sprockets (>= 3.0.0)
    sucker_punch (2.0.2)
      concurrent-ruby (~> 1.0.0)
    thor (0.19.4)
    thread_safe (0.3.6)
    timers (4.0.1)
      hitimes
    tzinfo (1.2.3)
      thread_safe (~> 0.1)

PLATFORMS
  ruby

DEPENDENCIES
  aws-sdk (~> 2.2)
  database_cleaner
  dotenv-rails
  ello_protobufs!
  factory_girl_rails (~> 4.0)
  faker
  guard
  guard-rspec
  honeybadger (~> 2.1)
  interactor (~> 3.0)
  json_spec
  kinesis-stream-reader!
  librato-rails (~> 0.11.1)
  newrelic_rpm (~> 3.12.0)
  pg
  pry-rails
  puma (~> 3.4.0)
  rails (~> 4.2.5)
  rails-api
  rails_12factor
  retries
  rspec-rails (~> 3.6)
  shoulda-matchers
  sucker_punch (~> 2.0)

RUBY VERSION
   ruby 2.3.1p112

BUNDLED WITH
   1.15.3
