GIT
  remote: https://2ff2cae345bc7f056ddc07f2b54317b71ba29ebb@github.com/ello/ello_protobufs.git
  revision: 654d28f8175550283020c8191b93257876adb556
  specs:
    ello_protobufs (0.1.0)
      protobuf (~> 3.5.0)

GEM
  remote: https://rubygems.org/
  specs:
    actionmailer (4.1.7.1)
      actionpack (= 4.1.7.1)
      actionview (= 4.1.7.1)
      mail (~> 2.5, >= 2.5.4)
    actionpack (4.1.7.1)
      actionview (= 4.1.7.1)
      activesupport (= 4.1.7.1)
      rack (~> 1.5.2)
      rack-test (~> 0.6.2)
    actionview (4.1.7.1)
      activesupport (= 4.1.7.1)
      builder (~> 3.1)
      erubis (~> 2.7.0)
    activemodel (4.1.7.1)
      activesupport (= 4.1.7.1)
      builder (~> 3.1)
    activerecord (4.1.7.1)
      activemodel (= 4.1.7.1)
      activesupport (= 4.1.7.1)
      arel (~> 5.0.0)
    activesupport (4.1.7.1)
      i18n (~> 0.6, >= 0.6.9)
      json (~> 1.7, >= 1.7.7)
      minitest (~> 5.1)
      thread_safe (~> 0.1)
      tzinfo (~> 1.1)
    aggregate (0.2.2)
    arel (5.0.1.20140414130214)
    aws-sdk (2.0.39)
      aws-sdk-resources (= 2.0.39)
    aws-sdk-core (2.0.39)
      builder (~> 3.0)
      jmespath (~> 1.0)
      multi_json (~> 1.0)
    aws-sdk-resources (2.0.39)
      aws-sdk-core (= 2.0.39)
    builder (3.2.2)
    celluloid (0.16.0)
      timers (~> 4.0.0)
    coderay (1.1.0)
    database_cleaner (1.4.1)
    diff-lcs (1.2.5)
    dotenv (2.0.1)
    dotenv-rails (2.0.1)
      dotenv (= 2.0.1)
    erubis (2.7.0)
    factory_girl (4.5.0)
      activesupport (>= 3.0.0)
    factory_girl_rails (4.5.0)
      factory_girl (~> 4.5.0)
      railties (>= 3.0.0)
    faker (1.4.3)
      i18n (~> 0.5)
    faraday (0.9.1)
      multipart-post (>= 1.2, < 3)
    ffi (1.9.8)
    formatador (0.2.5)
    guard (2.12.5)
      formatador (>= 0.2.4)
      listen (~> 2.7)
      lumberjack (~> 1.0)
      nenv (~> 0.1)
      notiffany (~> 0.0)
      pry (>= 0.9.12)
      shellany (~> 0.0)
      thor (>= 0.18.1)
    guard-compat (1.2.1)
    guard-rspec (4.5.0)
      guard (~> 2.1)
      guard-compat (~> 1.1)
      rspec (>= 2.99.0, < 4.0)
    hitimes (1.2.2)
    honeybadger (2.1.0)
    i18n (0.7.0)
    interactor (3.1.0)
    jmespath (1.0.2)
      multi_json (~> 1.0)
    json (1.8.3)
    json_spec (1.1.4)
      multi_json (~> 1.0)
      rspec (>= 2.0, < 4.0)
    librato-metrics (1.5.1)
      aggregate (~> 0.2.2)
      faraday (~> 0.7)
      multi_json
    librato-rack (0.4.5)
      librato-metrics (~> 1.1)
    librato-rails (0.11.1)
      activesupport (>= 3.0)
      librato-rack (~> 0.4.2)
      railties (>= 3.0)
    listen (2.10.0)
      celluloid (~> 0.16.0)
      rb-fsevent (>= 0.9.3)
      rb-inotify (>= 0.9)
    lumberjack (1.0.9)
    mail (2.6.3)
      mime-types (>= 1.16, < 3)
    method_source (0.8.2)
    middleware (0.1.0)
    mime-types (2.4.3)
    minitest (5.7.0)
    multi_json (1.11.0)
    multipart-post (2.0.0)
    nenv (0.2.0)
    newrelic_rpm (3.12.0.288)
    notiffany (0.0.6)
      nenv (~> 0.1)
      shellany (~> 0.0)
    pg (0.18.1)
    protobuf (3.5.1)
      activesupport (>= 3.2)
      middleware
      thor
      thread_safe
    pry (0.10.1)
      coderay (~> 1.1.0)
      method_source (~> 0.8.1)
      slop (~> 3.4)
    pry-rails (0.3.4)
      pry (>= 0.9.10)
    puma (2.11.3)
      rack (>= 1.1, < 2.0)
    rack (1.5.2)
    rack-test (0.6.3)
      rack (>= 1.0)
    rails (4.1.7.1)
      actionmailer (= 4.1.7.1)
      actionpack (= 4.1.7.1)
      actionview (= 4.1.7.1)
      activemodel (= 4.1.7.1)
      activerecord (= 4.1.7.1)
      activesupport (= 4.1.7.1)
      bundler (>= 1.3.0, < 2.0)
      railties (= 4.1.7.1)
      sprockets-rails (~> 2.0)
    rails-api (0.4.0)
      actionpack (>= 3.2.11)
      railties (>= 3.2.11)
    rails_12factor (0.0.3)
      rails_serve_static_assets
      rails_stdout_logging
    rails_serve_static_assets (0.0.4)
    rails_stdout_logging (0.0.3)
    railties (4.1.7.1)
      actionpack (= 4.1.7.1)
      activesupport (= 4.1.7.1)
      rake (>= 0.8.7)
      thor (>= 0.18.1, < 2.0)
    rake (10.4.2)
    rb-fsevent (0.9.4)
    rb-inotify (0.9.5)
      ffi (>= 0.5.0)
    rspec (3.2.0)
      rspec-core (~> 3.2.0)
      rspec-expectations (~> 3.2.0)
      rspec-mocks (~> 3.2.0)
    rspec-core (3.2.3)
      rspec-support (~> 3.2.0)
    rspec-expectations (3.2.1)
      diff-lcs (>= 1.2.0, < 2.0)
      rspec-support (~> 3.2.0)
    rspec-mocks (3.2.1)
      diff-lcs (>= 1.2.0, < 2.0)
      rspec-support (~> 3.2.0)
    rspec-rails (3.2.1)
      actionpack (>= 3.0, < 4.3)
      activesupport (>= 3.0, < 4.3)
      railties (>= 3.0, < 4.3)
      rspec-core (~> 3.2.0)
      rspec-expectations (~> 3.2.0)
      rspec-mocks (~> 3.2.0)
      rspec-support (~> 3.2.0)
    rspec-support (3.2.2)
    shellany (0.0.1)
    shoulda-matchers (2.8.0)
      activesupport (>= 3.0.0)
    slop (3.6.0)
    sprockets (3.0.1)
      rack (~> 1.0)
    sprockets-rails (2.2.4)
      actionpack (>= 3.0)
      activesupport (>= 3.0)
      sprockets (>= 2.8, < 4.0)
    thor (0.19.1)
    thread_safe (0.3.5)
    timers (4.0.1)
      hitimes
    tzinfo (1.2.2)
      thread_safe (~> 0.1)

PLATFORMS
  ruby

DEPENDENCIES
  aws-sdk (~> 2)
  database_cleaner
  dotenv-rails
  ello_protobufs!
  factory_girl_rails (~> 4.0)
  faker
  guard
  guard-rspec
  honeybadger (~> 2.1.0)
  interactor (~> 3.0)
  json_spec
  librato-rails (~> 0.11.1)
  newrelic_rpm (~> 3.12.0)
  pg
  pry-rails
  puma (= 2.11.3)
  rails (= 4.1.7.1)
  rails-api
  rails_12factor
  rspec-rails (~> 3.0)
  shoulda-matchers

BUNDLED WITH
   1.10.4
